PATH
  remote: ..
  specs:
    rollout_ui (0.4.1)
      rollout
      select2-rails

GEM
  remote: http://rubygems.org/
  specs:
    coderay (1.1.1)
    method_source (0.8.2)
    pry (0.10.4)
      coderay (~> 1.1.0)
      method_source (~> 0.8.1)
      slop (~> 3.4)
    rack (1.6.5)
    rack-protection (1.5.3)
      rack
    redis (3.3.2)
    rollout (2.4.0)
    select2-rails (4.0.3)
      thor (~> 0.14)
    sinatra (1.4.7)
      rack (~> 1.5)
      rack-protection (~> 1.4)
      tilt (>= 1.3, < 3)
    slop (3.6.0)
    thor (0.19.4)
    tilt (2.0.5)

PLATFORMS
  ruby

DEPENDENCIES
  pry
  rack
  redis
  rollout_ui!
  sinatra

BUNDLED WITH
   1.11.2
